GEM
  remote: https://rubygems.org/
  specs:
    rack (2.0.9)

PLATFORMS
  ruby

DEPENDENCIES
  rack (~> 2.0.1)

BUNDLED WITH
   1.17.3
